GEM
  remote: https://rubygems.org/
  specs:
    mini_magick (4.12.0)

PLATFORMS
  x86_64-linux

DEPENDENCIES
  mini_magick

BUNDLED WITH
   2.4.1
